PATH
  remote: .
  specs:
    dynsync (0.0)
      activesupport
      atomic
      configlet
      faraday
      faraday_middleware
      scrolls

GEM
  remote: https://rubygems.org/
  specs:
    activesupport (4.2.0)
      i18n (~> 0.7)
      json (~> 1.7, >= 1.7.7)
      minitest (~> 5.1)
      thread_safe (~> 0.3, >= 0.3.4)
      tzinfo (~> 1.1)
    atomic (1.1.16)
    configlet (2.1.1)
    faraday (0.9.0)
      multipart-post (>= 1.2, < 3)
    faraday_middleware (0.9.1)
      faraday (>= 0.7.4, < 0.10)
    i18n (0.7.0)
    json (1.8.1)
    minitest (5.5.0)
    multipart-post (2.0.0)
    scrolls (0.3.8)
    thread_safe (0.3.4)
    tzinfo (1.2.2)
      thread_safe (~> 0.1)

PLATFORMS
  ruby

DEPENDENCIES
  dynsync!
  minitest
